GEM
  remote: https://rubygems.org/
  specs:
    descriptive_statistics (2.5.1)

PLATFORMS
  arm64-darwin-23
  ruby

DEPENDENCIES
  descriptive_statistics (~> 2.5)

BUNDLED WITH
   2.5.11
